GEM
  remote: https://rubygems.org/
  specs:
    activesupport (6.1.3)
      concurrent-ruby (~> 1.0, >= 1.0.2)
      i18n (>= 1.6, < 2)
      minitest (>= 5.1)
      tzinfo (~> 2.0)
      zeitwerk (~> 2.3)
    albino (1.3.3)
      posix-spawn (>= 0.3.6)
    classifier (1.3.3)
      fast-stemmer (>= 1.0.0)
    concurrent-ruby (1.1.8)
    directory_watcher (1.4.1)
    fast-stemmer (1.0.0)
    i18n (1.8.9)
      concurrent-ruby (~> 1.0)
    jekyll (0.11.2)
      albino (~> 1.3)
      classifier (~> 1.3)
      directory_watcher (~> 1.1)
      kramdown (~> 0.13)
      liquid (~> 2.3)
      maruku (~> 0.5)
    kramdown (0.13.5)
    liquid (2.3.0)
    maruku (0.6.0)
      syntax (>= 1.0.0)
    minitest (5.14.4)
    posix-spawn (0.3.6)
    rdiscount (1.6.8)
    skylight (0.1.8)
      activesupport (>= 3.0.0)
    syntax (1.0.0)
    tzinfo (2.0.4)
      concurrent-ruby (~> 1.0)
    zeitwerk (2.4.2)

PLATFORMS
  ruby

DEPENDENCIES
  jekyll (~> 0.11.0)
  rdiscount
  skylight
